GEM
  remote: http://rubygems.org/
  specs:
    CFPropertyList (2.0.17)
      libxml-ruby (>= 1.1.0)
      rake (>= 0.7.0)
    httparty (0.8.1)
      multi_json
      multi_xml
    libxml-ruby (2.2.2)
    multi_json (1.0.3)
    multi_xml (0.4.1)
    rake (0.9.2.2)
    uuidtools (2.1.2)

PLATFORMS
  ruby

DEPENDENCIES
  CFPropertyList
  httparty
  uuidtools
